PATH
  remote: .
  specs:
    imgkit (1.6.1)

GEM
  remote: https://rubygems.org/
  specs:
    diff-lcs (1.1.2)
    metaclass (0.0.4)
    mocha (1.8.0)
      metaclass (~> 0.0.1)
    rack (1.3.0)
    rake (0.9.2.2)
    rspec (2.6.0)
      rspec-core (~> 2.6.0)
      rspec-expectations (~> 2.6.0)
      rspec-mocks (~> 2.6.0)
    rspec-core (2.6.4)
    rspec-expectations (2.6.0)
      diff-lcs (~> 1.1.2)
    rspec-mocks (2.6.0)
    wkhtmltoimage-binary (0.12.1)

PLATFORMS
  ruby

DEPENDENCIES
  imgkit!
  mocha
  rack
  rake
  rspec (~> 2)
  rspec-core (~> 2)
  wkhtmltoimage-binary
